GIT
  remote: https://github.com/activerecord-hackery/ransack.git
  revision: e17f1c60a0654517e75d6502aa57b50583b27e6a
  specs:
    polyamorous (2.1.1)
      activerecord (>= 5.0)
    ransack (2.1.1)
      actionpack (>= 5.0)
      activerecord (>= 5.0)
      activesupport (>= 5.0)
      i18n
      polyamorous (= 2.1.1)

GEM
  remote: https://rubygems.org/
  specs:
    actioncable (5.2.3)
      actionpack (= 5.2.3)
      nio4r (~> 2.0)
      websocket-driver (>= 0.6.1)
    actionmailer (5.2.3)
      actionpack (= 5.2.3)
      actionview (= 5.2.3)
      activejob (= 5.2.3)
      mail (~> 2.5, >= 2.5.4)
      rails-dom-testing (~> 2.0)
    actionpack (5.2.3)
      actionview (= 5.2.3)
      activesupport (= 5.2.3)
      rack (~> 2.0)
      rack-test (>= 0.6.3)
      rails-dom-testing (~> 2.0)
      rails-html-sanitizer (~> 1.0, >= 1.0.2)
    actionview (5.2.3)
      activesupport (= 5.2.3)
      builder (~> 3.1)
      erubi (~> 1.4)
      rails-dom-testing (~> 2.0)
      rails-html-sanitizer (~> 1.0, >= 1.0.3)
    active_record_query_trace (1.6.2)
    activejob (5.2.3)
      activesupport (= 5.2.3)
      globalid (>= 0.3.6)
    activemodel (5.2.3)
      activesupport (= 5.2.3)
    activerecord (5.2.3)
      activemodel (= 5.2.3)
      activesupport (= 5.2.3)
      arel (>= 9.0)
    activestorage (5.2.3)
      actionpack (= 5.2.3)
      activerecord (= 5.2.3)
      marcel (~> 0.3.1)
    activesupport (5.2.3)
      concurrent-ruby (~> 1.0, >= 1.0.2)
      i18n (>= 0.7, < 2)
      minitest (~> 5.1)
      tzinfo (~> 1.1)
    addressable (2.6.0)
      public_suffix (>= 2.0.2, < 4.0)
    annotate (2.7.5)
      activerecord (>= 3.2, < 7.0)
      rake (>= 10.4, < 13.0)
    arel (9.0.0)
    ast (2.4.0)
    bcrypt (3.1.13)
    better_errors (2.5.1)
      coderay (>= 1.0.0)
      erubi (>= 1.0.0)
      rack (>= 0.9.0)
    bindex (0.8.1)
    binding_of_caller (0.8.0)
      debug_inspector (>= 0.0.1)
    bootsnap (1.4.4)
      msgpack (~> 1.0)
    brakeman (4.5.1)
    builder (3.2.3)
    bullet (6.0.1)
      activesupport (>= 3.0.0)
      uniform_notifier (~> 1.11)
    byebug (11.0.1)
    cancancan (3.0.1)
    carrierwave (1.3.1)
      activemodel (>= 4.0.0)
      activesupport (>= 4.0.0)
      mime-types (>= 1.16)
    carrierwave-base64 (2.8.0)
      carrierwave (>= 0.8.0)
      mime-types (~> 3.0)
      mimemagic (~> 0.3.2)
    carrierwave-processing (1.1.0)
      carrierwave
    codacy-coverage (2.1.0)
      simplecov
    coderay (1.1.2)
    concurrent-ruby (1.1.5)
    connection_pool (2.2.2)
    crack (0.4.3)
      safe_yaml (~> 1.0.0)
    crass (1.0.4)
    database_cleaner (1.7.0)
    debug_inspector (0.0.3)
    declarative (0.0.10)
    declarative-option (0.1.0)
    devise (4.6.2)
      bcrypt (~> 3.0)
      orm_adapter (~> 0.1)
      railties (>= 4.1.0, < 6.0)
      responders
      warden (~> 1.2.3)
    devise_token_auth (1.1.0)
      devise (> 3.5.2, < 4.7)
      rails (>= 4.2.0, < 6)
    diff-lcs (1.3)
    discard (1.1.0)
      activerecord (>= 4.2, < 7)
    docile (1.3.2)
    dotenv (2.7.4)
    dotenv-rails (2.7.4)
      dotenv (= 2.7.4)
      railties (>= 3.2, < 6.1)
    erubi (1.8.0)
    et-orbi (1.2.1)
      tzinfo
    excon (0.64.0)
    factory_bot (5.0.2)
      activesupport (>= 4.2.0)
    factory_bot_rails (5.0.2)
      factory_bot (~> 5.0.2)
      railties (>= 4.2.0)
    faker (1.9.6)
      i18n (>= 0.7)
    faraday (0.15.4)
      multipart-post (>= 1.2, < 3)
    ffi (1.11.1)
    fog-core (2.1.0)
      builder
      excon (~> 0.58)
      formatador (~> 0.2)
      mime-types
    fog-google (1.9.1)
      fog-core (<= 2.1.0)
      fog-json (~> 1.2)
      fog-xml (~> 0.1.0)
      google-api-client (~> 0.23.0)
    fog-json (1.2.0)
      fog-core
      multi_json (~> 1.10)
    fog-xml (0.1.3)
      fog-core
      nokogiri (>= 1.5.11, < 2.0.0)
    formatador (0.2.5)
    friendly_id (5.2.5)
      activerecord (>= 4.0.0)
    fugit (1.2.2)
      et-orbi (~> 1.1, >= 1.1.8)
      raabro (~> 1.1)
    geocoder (1.5.1)
    globalid (0.4.2)
      activesupport (>= 4.2.0)
    google-api-client (0.23.9)
      addressable (~> 2.5, >= 2.5.1)
      googleauth (>= 0.5, < 0.7.0)
      httpclient (>= 2.8.1, < 3.0)
      mime-types (~> 3.0)
      representable (~> 3.0)
      retriable (>= 2.0, < 4.0)
      signet (~> 0.9)
    googleauth (0.6.7)
      faraday (~> 0.12)
      jwt (>= 1.4, < 3.0)
      memoist (~> 0.16)
      multi_json (~> 1.11)
      os (>= 0.9, < 2.0)
      signet (~> 0.7)
    hashdiff (1.0.0)
    hiredis (0.6.3)
    httpclient (2.8.3)
    i18n (1.6.0)
      concurrent-ruby (~> 1.0)
    image_processing (1.9.0)
      mini_magick (>= 4.9.3, < 5)
      ruby-vips (>= 2.0.13, < 3)
    jaro_winkler (1.5.3)
    json (2.2.0)
    jsonapi-deserializable (0.2.0)
    jsonapi-parser (0.1.1)
    jsonapi-rails (0.4.0)
      jsonapi-parser (~> 0.1.0)
      jsonapi-rb (~> 0.5.0)
    jsonapi-rb (0.5.0)
      jsonapi-deserializable (~> 0.2.0)
      jsonapi-serializable (~> 0.3.0)
    jsonapi-renderer (0.2.2)
    jsonapi-serializable (0.3.1)
      jsonapi-renderer (~> 0.2.0)
    jwt (2.2.1)
    kaminari (1.1.1)
      activesupport (>= 4.1.0)
      kaminari-actionview (= 1.1.1)
      kaminari-activerecord (= 1.1.1)
      kaminari-core (= 1.1.1)
    kaminari-actionview (1.1.1)
      actionview
      kaminari-core (= 1.1.1)
    kaminari-activerecord (1.1.1)
      activerecord
      kaminari-core (= 1.1.1)
    kaminari-core (1.1.1)
    listen (3.1.5)
      rb-fsevent (~> 0.9, >= 0.9.4)
      rb-inotify (~> 0.9, >= 0.9.7)
      ruby_dep (~> 1.2)
    lograge (0.11.2)
      actionpack (>= 4)
      activesupport (>= 4)
      railties (>= 4)
      request_store (~> 1.0)
    logstash-event (1.2.02)
    loofah (2.2.3)
      crass (~> 1.0.2)
      nokogiri (>= 1.5.9)
    mail (2.7.1)
      mini_mime (>= 0.1.1)
    marcel (0.3.3)
      mimemagic (~> 0.3.2)
    memoist (0.16.0)
    method_source (0.9.2)
    mime-types (3.2.2)
      mime-types-data (~> 3.2015)
    mime-types-data (3.2019.0331)
    mimemagic (0.3.3)
    mini_magick (4.9.4)
    mini_mime (1.0.2)
    mini_portile2 (2.4.0)
    minitest (5.11.3)
    monetize (1.9.2)
      money (~> 6.12)
    money (6.13.4)
      i18n (>= 0.6.4, <= 2)
    money-rails (1.13.2)
      activesupport (>= 3.0)
      monetize (~> 1.9.0)
      money (~> 6.13.2)
      railties (>= 3.0)
    msgpack (1.3.0)
    multi_json (1.13.1)
    multipart-post (2.1.1)
    net-http-persistent (3.0.1)
      connection_pool (~> 2.2)
    nio4r (2.4.0)
    nokogiri (1.10.3)
      mini_portile2 (~> 2.4.0)
    oj (3.7.12)
    orm_adapter (0.5.0)
    os (1.0.1)
    pager_api (0.3.2)
    pagy (3.3.2)
    parallel (1.17.0)
    parser (2.6.3.0)
      ast (~> 2.4.0)
    pg (1.1.4)
    public_suffix (3.1.1)
    puma (3.12.1)
    raabro (1.1.6)
    rack (2.0.7)
    rack-attack (6.1.0)
      rack (>= 1.0, < 3)
    rack-cors (1.0.3)
    rack-protection (2.0.5)
      rack
    rack-test (1.1.0)
      rack (>= 1.0, < 3)
    rack-timeout (0.5.1)
    rails (5.2.3)
      actioncable (= 5.2.3)
      actionmailer (= 5.2.3)
      actionpack (= 5.2.3)
      actionview (= 5.2.3)
      activejob (= 5.2.3)
      activemodel (= 5.2.3)
      activerecord (= 5.2.3)
      activestorage (= 5.2.3)
      activesupport (= 5.2.3)
      bundler (>= 1.3.0)
      railties (= 5.2.3)
      sprockets-rails (>= 2.0.0)
    rails-controller-testing (1.0.4)
      actionpack (>= 5.0.1.x)
      actionview (>= 5.0.1.x)
      activesupport (>= 5.0.1.x)
    rails-dom-testing (2.0.3)
      activesupport (>= 4.2.0)
      nokogiri (>= 1.6)
    rails-html-sanitizer (1.0.4)
      loofah (~> 2.2, >= 2.2.2)
    railties (5.2.3)
      actionpack (= 5.2.3)
      activesupport (= 5.2.3)
      method_source
      rake (>= 0.8.7)
      thor (>= 0.19.0, < 2.0)
    rainbow (3.0.0)
    rake (12.3.2)
    rb-fsevent (0.10.3)
    rb-inotify (0.10.0)
      ffi (~> 1.0)
    redis (4.1.2)
    representable (3.0.4)
      declarative (< 0.1.0)
      declarative-option (< 0.2.0)
      uber (< 0.2.0)
    request_store (1.4.1)
      rack (>= 1.4)
    responders (3.0.0)
      actionpack (>= 5.0)
      railties (>= 5.0)
    retriable (3.1.2)
    rspec-core (3.8.2)
      rspec-support (~> 3.8.0)
    rspec-expectations (3.8.4)
      diff-lcs (>= 1.2.0, < 2.0)
      rspec-support (~> 3.8.0)
    rspec-json_expectations (2.2.0)
    rspec-mocks (3.8.1)
      diff-lcs (>= 1.2.0, < 2.0)
      rspec-support (~> 3.8.0)
    rspec-rails (3.8.2)
      actionpack (>= 3.0)
      activesupport (>= 3.0)
      railties (>= 3.0)
      rspec-core (~> 3.8.0)
      rspec-expectations (~> 3.8.0)
      rspec-mocks (~> 3.8.0)
      rspec-support (~> 3.8.0)
    rspec-support (3.8.2)
    rubocop (0.72.0)
      jaro_winkler (~> 1.5.1)
      parallel (~> 1.10)
      parser (>= 2.6)
      rainbow (>= 2.2.2, < 4.0)
      ruby-progressbar (~> 1.7)
      unicode-display_width (>= 1.4.0, < 1.7)
    rubocop-performance (1.4.0)
      rubocop (>= 0.71.0)
    rubocop-rails (2.2.0)
      rack (>= 1.1)
      rubocop (>= 0.72.0)
    rubocop-rails_config (0.6.2)
      railties (>= 3.0)
      rubocop (~> 0.70)
      rubocop-performance (~> 1.3)
      rubocop-rails (~> 2.0)
    rubocop-rspec (1.33.0)
      rubocop (>= 0.60.0)
    ruby-holidayapi (1.0.1)
    ruby-progressbar (1.10.1)
    ruby-vips (2.0.14)
      ffi (~> 1.9)
    ruby_dep (1.5.0)
    safe_yaml (1.0.5)
    seed_migration (1.2.3)
    shoulda-matchers (4.1.0)
      activesupport (>= 4.2.0)
    sidekiq (5.2.7)
      connection_pool (~> 2.2, >= 2.2.2)
      rack (>= 1.5.0)
      rack-protection (>= 1.5.0)
      redis (>= 3.3.5, < 5)
    sidekiq-cron (1.1.0)
      fugit (~> 1.1)
      sidekiq (>= 4.2.1)
    signet (0.11.0)
      addressable (~> 2.3)
      faraday (~> 0.9)
      jwt (>= 1.5, < 3.0)
      multi_json (~> 1.10)
    simplecov (0.17.0)
      docile (~> 1.1)
      json (>= 1.8, < 3)
      simplecov-html (~> 0.10.0)
    simplecov-html (0.10.2)
    skylight (4.1.2)
      skylight-core (= 4.1.2)
    skylight-core (4.1.2)
      activesupport (>= 4.2.0)
    spring (2.1.0)
    spring-watcher-listen (2.0.1)
      listen (>= 2.7, < 4.0)
      spring (>= 1.2, < 3.0)
    sprockets (3.7.2)
      concurrent-ruby (~> 1.0)
      rack (> 1, < 3)
    sprockets-rails (3.2.1)
      actionpack (>= 4.0)
      activesupport (>= 4.0)
      sprockets (>= 3.0.0)
    stripe (4.21.2)
      faraday (~> 0.13)
      net-http-persistent (~> 3.0)
    thor (0.20.3)
    thread_safe (0.3.6)
    timecop (0.9.1)
    twilio-ruby (5.25.1)
      faraday (~> 0.9)
      jwt (>= 1.5, <= 2.5)
      nokogiri (>= 1.6, < 2.0)
    tzinfo (1.2.5)
      thread_safe (~> 0.1)
    uber (0.1.0)
    unicode-display_width (1.6.0)
    uniform_notifier (1.12.1)
    vcr (5.0.0)
    warden (1.2.8)
      rack (>= 2.0.6)
    web-console (3.7.0)
      actionview (>= 5.0)
      activemodel (>= 5.0)
      bindex (>= 0.4.0)
      railties (>= 5.0)
    webmock (3.6.0)
      addressable (>= 2.3.6)
      crack (>= 0.3.2)
      hashdiff (>= 0.4.0, < 2.0.0)
    websocket-driver (0.7.1)
      websocket-extensions (>= 0.1.0)
    websocket-extensions (0.1.4)

PLATFORMS
  ruby

DEPENDENCIES
  active_record_query_trace
  addressable
  annotate
  bcrypt (~> 3.1.7)
  better_errors
  binding_of_caller
  bootsnap (>= 1.1.0)
  brakeman
  bullet
  byebug
  cancancan
  carrierwave
  carrierwave-base64
  carrierwave-processing
  codacy-coverage
  database_cleaner
  devise
  devise_token_auth
  discard (~> 1.0)
  dotenv-rails
  factory_bot_rails
  faker
  faraday
  fog-google
  friendly_id
  geocoder
  hiredis
  image_processing (~> 1.2)
  jsonapi-rails
  kaminari
  listen (>= 3.0.5, < 3.2)
  lograge
  logstash-event
  mini_magick
  money-rails
  oj
  pager_api
  pagy
  pg (>= 0.18, < 2.0)
  puma (~> 3.11)
  rack-attack
  rack-cors
  rack-timeout
  rails (~> 5.2.3)
  rails-controller-testing
  ransack!
  redis (~> 4.0)
  rspec-json_expectations
  rspec-rails (~> 3.8)
  rubocop-performance
  rubocop-rails_config
  rubocop-rspec
  ruby-holidayapi
  seed_migration
  shoulda-matchers
  sidekiq
  sidekiq-cron
  simplecov
  skylight
  spring
  spring-watcher-listen (~> 2.0.0)
  stripe
  timecop
  twilio-ruby
  vcr
  web-console (>= 3.3.0)
  webmock

BUNDLED WITH
   2.0.1
